STORAGE: NONE
RESTRICTION: || (== net8.0) (== net9.0)
NUGET
  remote: https://api.nuget.org/v3/index.json
    coverlet.collector (6.0.4)
    Fargo.Cmdline (1.6.4)
      FSharp.Core (>= 8.0.100)
    FSharp.Compiler.Service (43.9.300)
      FSharp.Core (9.0.300)
      System.Buffers (>= 4.6)
      System.Collections.Immutable (>= 8.0)
      System.Diagnostics.DiagnosticSource (>= 8.0)
      System.Memory (>= 4.5.5)
      System.Reflection.Emit (>= 4.7)
      System.Reflection.Metadata (>= 8.0)
      System.Runtime.CompilerServices.Unsafe (>= 6.1)
    FSharp.Core (9.0.300)
    Iced (1.21)
    ICSharpCode.Decompiler (9.1.0.7988)
      System.Collections.Immutable (>= 6.0)
      System.Reflection.Metadata (>= 6.0)
    Microsoft.CodeCoverage (17.14.1)
    Microsoft.Diagnostics.NETCore.Client (0.2.621003)
      Microsoft.Extensions.Logging.Abstractions (>= 6.0.4)
    Microsoft.Diagnostics.Runtime (3.1.512801)
      Microsoft.Diagnostics.NETCore.Client (>= 0.2.410101)
    Microsoft.Extensions.DependencyInjection.Abstractions (9.0.6)
    Microsoft.Extensions.Logging.Abstractions (9.0.6)
      Microsoft.Extensions.DependencyInjection.Abstractions (>= 9.0.6)
      System.Diagnostics.DiagnosticSource (>= 9.0.6) - restriction: || (== net8.0) (&& (== net9.0) (>= net462)) (&& (== net9.0) (< net8.0))
    Microsoft.NET.Test.Sdk (17.14.1)
      Microsoft.CodeCoverage (>= 17.14.1)
      Microsoft.TestPlatform.TestHost (>= 17.14.1)
    Microsoft.NETCore.Platforms (7.0.4)
    Microsoft.NETCore.Targets (5.0)
    Microsoft.TestPlatform.ObjectModel (17.14.1)
      System.Reflection.Metadata (>= 8.0)
    Microsoft.TestPlatform.TestHost (17.14.1)
      Microsoft.TestPlatform.ObjectModel (>= 17.14.1)
      Newtonsoft.Json (>= 13.0.3)
    Newtonsoft.Json (13.0.3)
    runtime.native.System (4.3.1)
      Microsoft.NETCore.Platforms (>= 1.1.1)
      Microsoft.NETCore.Targets (>= 1.1.3)
    System.Buffers (4.6.1)
    System.Collections.Immutable (9.0.6)
    System.Diagnostics.DiagnosticSource (9.0.6)
    System.Globalization (4.3)
      Microsoft.NETCore.Platforms (>= 1.1)
      Microsoft.NETCore.Targets (>= 1.1)
      System.Runtime (>= 4.3)
    System.IO (4.3)
      Microsoft.NETCore.Platforms (>= 1.1)
      Microsoft.NETCore.Targets (>= 1.1)
      System.Runtime (>= 4.3)
      System.Text.Encoding (>= 4.3)
      System.Threading.Tasks (>= 4.3)
    System.Memory (4.6.3)
    System.Reflection (4.3)
      Microsoft.NETCore.Platforms (>= 1.1)
      Microsoft.NETCore.Targets (>= 1.1)
      System.IO (>= 4.3)
      System.Reflection.Primitives (>= 4.3)
      System.Runtime (>= 4.3)
    System.Reflection.Emit (4.7)
    System.Reflection.Extensions (4.3)
      Microsoft.NETCore.Platforms (>= 1.1)
      Microsoft.NETCore.Targets (>= 1.1)
      System.Reflection (>= 4.3)
      System.Runtime (>= 4.3)
    System.Reflection.Metadata (9.0.6)
      System.Collections.Immutable (>= 9.0.6) - restriction: || (== net8.0) (&& (== net9.0) (>= net462)) (&& (== net9.0) (< net8.0))
    System.Reflection.Primitives (4.3)
      Microsoft.NETCore.Platforms (>= 1.1)
      Microsoft.NETCore.Targets (>= 1.1)
      System.Runtime (>= 4.3)
    System.Resources.ResourceManager (4.3)
      Microsoft.NETCore.Platforms (>= 1.1)
      Microsoft.NETCore.Targets (>= 1.1)
      System.Globalization (>= 4.3)
      System.Reflection (>= 4.3)
      System.Runtime (>= 4.3)
    System.Runtime (4.3.1)
      Microsoft.NETCore.Platforms (>= 1.1.1)
      Microsoft.NETCore.Targets (>= 1.1.3)
    System.Runtime.CompilerServices.Unsafe (6.1.2)
    System.Runtime.Handles (4.3)
      Microsoft.NETCore.Platforms (>= 1.1)
      Microsoft.NETCore.Targets (>= 1.1)
      System.Runtime (>= 4.3)
    System.Runtime.InteropServices (4.3)
      Microsoft.NETCore.Platforms (>= 1.1)
      Microsoft.NETCore.Targets (>= 1.1)
      System.Reflection (>= 4.3)
      System.Reflection.Primitives (>= 4.3)
      System.Runtime (>= 4.3)
      System.Runtime.Handles (>= 4.3)
    System.Runtime.InteropServices.RuntimeInformation (4.3)
      runtime.native.System (>= 4.3)
      System.Reflection (>= 4.3)
      System.Reflection.Extensions (>= 4.3)
      System.Resources.ResourceManager (>= 4.3)
      System.Runtime (>= 4.3)
      System.Runtime.InteropServices (>= 4.3)
      System.Threading (>= 4.3)
    System.Text.Encoding (4.3)
      Microsoft.NETCore.Platforms (>= 1.1)
      Microsoft.NETCore.Targets (>= 1.1)
      System.Runtime (>= 4.3)
    System.Threading (4.3)
      System.Runtime (>= 4.3)
      System.Threading.Tasks (>= 4.3)
    System.Threading.Tasks (4.3)
      Microsoft.NETCore.Platforms (>= 1.1)
      Microsoft.NETCore.Targets (>= 1.1)
      System.Runtime (>= 4.3)
    xunit (2.9.3)
      xunit.analyzers (>= 1.18)
      xunit.assert (>= 2.9.3)
      xunit.core (2.9.3)
    xunit.abstractions (2.0.3)
    xunit.analyzers (1.22)
    xunit.assert (2.9.3)
    xunit.core (2.9.3)
      xunit.extensibility.core (2.9.3)
      xunit.extensibility.execution (2.9.3)
    xunit.extensibility.core (2.9.3)
      xunit.abstractions (>= 2.0.3)
    xunit.extensibility.execution (2.9.3)
      xunit.extensibility.core (2.9.3)
    xunit.runner.visualstudio (3.1.1)
